GEM
  remote: https://rubygems.org/
  specs:
    haml (5.1.0)
      temple (>= 0.8.0)
      tilt
    mustermann (1.1.1)
      ruby2_keywords (~> 0.0.1)
    rack (2.2.3.1)
    rack-protection (2.2.0)
      rack
    ruby2_keywords (0.0.5)
    sinatra (2.2.0)
      mustermann (~> 1.0)
      rack (~> 2.2)
      rack-protection (= 2.2.0)
      tilt (~> 2.0)
    temple (0.8.1)
    tilt (2.0.10)

PLATFORMS
  ruby

DEPENDENCIES
  haml
  sinatra

RUBY VERSION
   ruby 3.1.0p0

BUNDLED WITH
   1.17.3
